GIT
  remote: git://github.com/rom-rb/rom-mapper.git
  revision: 8ed21c1f361e5f189e9d83c4da4bec857e9a3cb3
  specs:
    rom-mapper (0.4.0)
      dry-equalizer (~> 0.2)
      rom-support (~> 2.0.0)
      transproc (~> 0.4.0)

GIT
  remote: git://github.com/rom-rb/rom-repository.git
  revision: cfe05c1b8625af94d9428f12fc7ccaa8cb1567f4
  specs:
    rom-repository (0.3.1)
      rom (~> 2.0)
      rom-mapper (~> 0.4)
      rom-support (~> 2.0)

GIT
  remote: git://github.com/rom-rb/rom-sql.git
  revision: a1ff939558d73fbee50d76d1faffce410a54ea3d
  specs:
    rom-sql (0.8.0)
      dry-core (~> 0.1)
      dry-equalizer (~> 0.2)
      dry-types (~> 0.8)
      rom (~> 2.0)
      rom-support (~> 2.0)
      sequel (~> 4.25)

GIT
  remote: git://github.com/rom-rb/rom-support.git
  revision: e76854b0dbd78c31414c05a1bd266c3769bb1f6b
  specs:
    rom-support (2.0.1)
      concurrent-ruby (~> 1.0)
      dry-equalizer (~> 0.2)
      transproc (~> 0.4.0)
      wisper (~> 1.6, >= 1.6.0)

GIT
  remote: git://github.com/rom-rb/rom.git
  revision: 179772b11bd39ceaae8da82c39a3bf4afd655e2b
  specs:
    rom (2.0.1)
      concurrent-ruby (~> 1.0)
      dry-equalizer (~> 0.2)
      dry-types (~> 0.8)
      rom-mapper (~> 0.4.0)
      rom-support (~> 2.0)

GEM
  remote: https://rubygems.org/
  specs:
    addressable (2.4.0)
    byebug (9.0.6)
    capybara (2.10.0)
      addressable
      mime-types (>= 1.16)
      nokogiri (>= 1.3.3)
      rack (>= 1.0.0)
      rack-test (>= 0.5.4)
      xpath (~> 2.0)
    capybara-screenshot (1.0.14)
      capybara (>= 1.0, < 3)
      launchy
    cliver (0.3.2)
    coderay (1.1.1)
    concurrent-ruby (1.0.2)
    database_cleaner (1.5.3)
    diff-lcs (1.2.5)
    dry-auto_inject (0.4.1)
      dry-container (>= 0.3.4)
    dry-configurable (0.1.7)
      concurrent-ruby (~> 1.0)
    dry-container (0.5.0)
      concurrent-ruby (~> 1.0)
      dry-configurable (~> 0.1, >= 0.1.3)
    dry-core (0.1.0)
      concurrent-ruby (~> 1.0)
    dry-equalizer (0.2.0)
    dry-logic (0.4.0)
      dry-container (~> 0.2, >= 0.2.6)
      dry-core (~> 0.1)
      dry-equalizer (~> 0.2)
    dry-matcher (0.5.0)
    dry-monads (0.0.2)
    dry-result_matcher (0.4.0)
      dry-monads (~> 0.0.0)
    dry-system (0.5.1)
      concurrent-ruby (~> 1.0)
      dry-auto_inject (>= 0.4.0)
      dry-configurable (~> 0.1)
      dry-container (~> 0.4)
      dry-equalizer (~> 0.2)
      inflecto (>= 0.0.2)
    dry-transaction (0.8.0)
      dry-container (>= 0.2.8)
      dry-matcher (>= 0.5.0)
      dry-monads (>= 0.0.1)
      wisper (>= 1.6.0)
    dry-types (0.9.0)
      concurrent-ruby (~> 1.0)
      dry-configurable (~> 0.1)
      dry-container (~> 0.3)
      dry-core (~> 0.1)
      dry-equalizer (~> 0.2)
      dry-logic (~> 0.4, >= 0.4.0)
      inflecto (~> 0.0.0, >= 0.0.2)
    dry-validation (0.10.3)
      concurrent-ruby (~> 1.0)
      dry-configurable (~> 0.1, >= 0.1.3)
      dry-container (~> 0.2, >= 0.2.8)
      dry-core (~> 0.1)
      dry-equalizer (~> 0.2)
      dry-logic (~> 0.4, >= 0.4.0)
      dry-types (~> 0.9, >= 0.9.0)
    dry-view (0.1.1)
      dry-configurable (~> 0.1)
      dry-equalizer (~> 0.2)
      inflecto (~> 0)
      tilt (~> 2.0)
    dry-web (0.5.0)
      dry-system (~> 0.5)
    dry-web-roda (0.4.0)
      dry-configurable (~> 0.1)
      dry-web (~> 0.5)
      inflecto (~> 0.0)
      roda (~> 2.14)
      roda-flow (~> 0.3)
      thor (~> 0.19)
    ffi (1.9.14)
    formatador (0.2.5)
    guard (2.14.0)
      formatador (>= 0.2.4)
      listen (>= 2.7, < 4.0)
      lumberjack (~> 1.0)
      nenv (~> 0.1)
      notiffany (~> 0.0)
      pry (>= 0.9.12)
      shellany (~> 0.0)
      thor (>= 0.18.1)
    guard-compat (1.2.1)
    guard-rspec (4.7.3)
      guard (~> 2.1)
      guard-compat (~> 1.1)
      rspec (>= 2.99.0, < 4.0)
    inflecto (0.0.2)
    launchy (2.4.3)
      addressable (~> 2.3)
    listen (3.1.5)
      rb-fsevent (~> 0.9, >= 0.9.4)
      rb-inotify (~> 0.9, >= 0.9.7)
      ruby_dep (~> 1.2)
    lumberjack (1.0.10)
    method_source (0.8.2)
    mime-types (3.1)
      mime-types-data (~> 3.2015)
    mime-types-data (3.2016.0521)
    mini_portile2 (2.1.0)
    nenv (0.3.0)
    nokogiri (1.6.8.1)
      mini_portile2 (~> 2.1.0)
    notiffany (0.1.1)
      nenv (~> 0.1)
      shellany (~> 0.0)
    pg (0.19.0)
    poltergeist (1.10.0)
      capybara (~> 2.1)
      cliver (~> 0.3.1)
      websocket-driver (>= 0.2.0)
    pry (0.10.4)
      coderay (~> 1.1.0)
      method_source (~> 0.8.1)
      slop (~> 3.4)
    pry-byebug (3.4.0)
      byebug (~> 9.0)
      pry (~> 0.10)
    puma (3.6.0)
    rack (2.0.1)
    rack-test (0.6.3)
      rack (>= 1.0)
    rack_csrf (2.5.0)
      rack (>= 1.1.0)
    rake (11.3.0)
    rb-fsevent (0.9.7)
    rb-inotify (0.9.7)
      ffi (>= 0.5.0)
    roda (2.18.0)
      rack
    roda-flow (0.3.0)
    rspec (3.5.0)
      rspec-core (~> 3.5.0)
      rspec-expectations (~> 3.5.0)
      rspec-mocks (~> 3.5.0)
    rspec-core (3.5.4)
      rspec-support (~> 3.5.0)
    rspec-expectations (3.5.0)
      diff-lcs (>= 1.2.0, < 2.0)
      rspec-support (~> 3.5.0)
    rspec-mocks (3.5.0)
      diff-lcs (>= 1.2.0, < 2.0)
      rspec-support (~> 3.5.0)
    rspec-support (3.5.0)
    ruby_dep (1.4.0)
    sequel (4.39.0)
    shellany (0.0.1)
    shotgun (0.9.2)
      rack (>= 1.0)
    slim (3.0.7)
      temple (~> 0.7.6)
      tilt (>= 1.3.3, < 2.1)
    slop (3.6.0)
    temple (0.7.7)
    thor (0.19.1)
    tilt (2.0.5)
    transproc (0.4.0)
    websocket-driver (0.6.4)
      websocket-extensions (>= 0.1.0)
    websocket-extensions (0.1.2)
    wisper (1.6.1)
    xpath (2.0.0)
      nokogiri (~> 1.3)

PLATFORMS
  ruby

DEPENDENCIES
  capybara
  capybara-screenshot
  database_cleaner
  dry-result_matcher
  dry-transaction
  dry-types
  dry-validation
  dry-view
  dry-web (>= 0.4.0)
  dry-web-roda (>= 0.3.0)
  guard-rspec
  pg
  poltergeist
  pry-byebug
  puma
  rack_csrf
  rake
  rom!
  rom-mapper!
  rom-repository!
  rom-sql!
  rom-support!
  rspec
  shotgun
  slim

BUNDLED WITH
   1.12.5
